GEM
  remote: https://rubygems.org/
  specs:
    bugspots (0.2.2)
      rainbow
      rugged (>= 0.21.0)
    rainbow (3.1.1)
    rugged (1.7.1)

PLATFORMS
  x86_64-linux

DEPENDENCIES
  bugspots (~> 0.2.2)

BUNDLED WITH
   2.4.10
